GEM
  remote: https://rubygems.org/
  specs:
    actionmailer (4.2.2)
      actionpack (= 4.2.2)
      actionview (= 4.2.2)
      activejob (= 4.2.2)
      mail (~> 2.5, >= 2.5.4)
      rails-dom-testing (~> 1.0, >= 1.0.5)
    actionpack (4.2.2)
      actionview (= 4.2.2)
      activesupport (= 4.2.2)
      rack (~> 1.6)
      rack-test (~> 0.6.2)
      rails-dom-testing (~> 1.0, >= 1.0.5)
      rails-html-sanitizer (~> 1.0, >= 1.0.1)
    actionview (4.2.2)
      activesupport (= 4.2.2)
      builder (~> 3.1)
      erubis (~> 2.7.0)
      rails-dom-testing (~> 1.0, >= 1.0.5)
      rails-html-sanitizer (~> 1.0, >= 1.0.1)
    activejob (4.2.2)
      activesupport (= 4.2.2)
      globalid (>= 0.3.0)
    activemodel (4.2.2)
      activesupport (= 4.2.2)
      builder (~> 3.1)
    activerecord (4.2.2)
      activemodel (= 4.2.2)
      activesupport (= 4.2.2)
      arel (~> 6.0)
    activesupport (4.2.2)
      i18n (~> 0.7)
      json (~> 1.7, >= 1.7.7)
      minitest (~> 5.1)
      thread_safe (~> 0.3, >= 0.3.4)
      tzinfo (~> 1.1)
    arel (6.0.0)
    awesome_print (1.6.1)
    better_errors (2.1.1)
      coderay (>= 1.0.0)
      erubis (>= 2.6.6)
      rack (>= 0.9.0)
    binding_of_caller (0.7.2)
      debug_inspector (>= 0.0.1)
    builder (3.2.2)
    bullet (4.14.7)
      activesupport (>= 3.0.0)
      uniform_notifier (~> 1.9.0)
    byebug (4.0.5)
      columnize (= 0.9.0)
    code_analyzer (0.4.5)
      sexp_processor
    coderay (1.1.0)
    coffee-rails (4.1.0)
      coffee-script (>= 2.2.0)
      railties (>= 4.0.0, < 5.0)
    coffee-script (2.4.1)
      coffee-script-source
      execjs
    coffee-script-source (1.9.1.1)
    colored (1.2)
    columnize (0.9.0)
    commonjs (0.2.7)
    database_cleaner (1.4.1)
    debug_inspector (0.0.2)
    diff-lcs (1.2.5)
    erubis (2.7.0)
    execjs (2.5.2)
    factory_girl (4.5.0)
      activesupport (>= 3.0.0)
    factory_girl_rails (4.5.0)
      factory_girl (~> 4.5.0)
      railties (>= 3.0.0)
    globalid (0.3.5)
      activesupport (>= 4.1.0)
    hirb (0.7.3)
    hirb-unicode (0.0.5)
      hirb (~> 0.5)
      unicode-display_width (~> 0.1.1)
    i18n (0.7.0)
    jbuilder (2.3.0)
      activesupport (>= 3.0.0, < 5)
      multi_json (~> 1.2)
    jquery-rails (4.0.4)
      rails-dom-testing (~> 1.0)
      railties (>= 4.2.0)
      thor (>= 0.14, < 2.0)
    json (1.8.3)
    less (2.6.0)
      commonjs (~> 0.2.7)
    less-rails (2.7.0)
      actionpack (>= 4.0)
      less (~> 2.6.0)
      sprockets (> 2, < 4)
      tilt
    libv8 (3.16.14.7)
    loofah (2.0.2)
      nokogiri (>= 1.5.9)
    mail (2.6.3)
      mime-types (>= 1.16, < 3)
    method_source (0.8.2)
    mime-types (2.6.1)
    mini_portile (0.6.2)
    minitest (5.7.0)
    multi_json (1.11.1)
    mysql2 (0.3.18)
    nokogiri (1.6.6.2)
      mini_portile (~> 0.6.0)
    pry (0.10.1)
      coderay (~> 1.1.0)
      method_source (~> 0.8.1)
      slop (~> 3.4)
    pry-byebug (3.1.0)
      byebug (~> 4.0)
      pry (~> 0.10)
    pry-rails (0.3.4)
      pry (>= 0.9.10)
    rack (1.6.4)
    rack-test (0.6.3)
      rack (>= 1.0)
    rails (4.2.2)
      actionmailer (= 4.2.2)
      actionpack (= 4.2.2)
      actionview (= 4.2.2)
      activejob (= 4.2.2)
      activemodel (= 4.2.2)
      activerecord (= 4.2.2)
      activesupport (= 4.2.2)
      bundler (>= 1.3.0, < 2.0)
      railties (= 4.2.2)
      sprockets-rails
    rails-deprecated_sanitizer (1.0.3)
      activesupport (>= 4.2.0.alpha)
    rails-dom-testing (1.0.6)
      activesupport (>= 4.2.0.beta, < 5.0)
      nokogiri (~> 1.6.0)
      rails-deprecated_sanitizer (>= 1.0.1)
    rails-html-sanitizer (1.0.2)
      loofah (~> 2.0)
    rails_best_practices (1.15.7)
      activesupport
      code_analyzer (>= 0.4.3)
      colored
      erubis
      i18n
      json
      require_all
      ruby-progressbar
    railties (4.2.2)
      actionpack (= 4.2.2)
      activesupport (= 4.2.2)
      rake (>= 0.8.7)
      thor (>= 0.18.1, < 2.0)
    rake (10.4.2)
    ref (1.0.5)
    require_all (1.3.2)
    rspec (3.3.0)
      rspec-core (~> 3.3.0)
      rspec-expectations (~> 3.3.0)
      rspec-mocks (~> 3.3.0)
    rspec-core (3.3.1)
      rspec-support (~> 3.3.0)
    rspec-expectations (3.3.0)
      diff-lcs (>= 1.2.0, < 2.0)
      rspec-support (~> 3.3.0)
    rspec-mocks (3.3.1)
      diff-lcs (>= 1.2.0, < 2.0)
      rspec-support (~> 3.3.0)
    rspec-rails (3.3.2)
      actionpack (>= 3.0, < 4.3)
      activesupport (>= 3.0, < 4.3)
      railties (>= 3.0, < 4.3)
      rspec-core (~> 3.3.0)
      rspec-expectations (~> 3.3.0)
      rspec-mocks (~> 3.3.0)
      rspec-support (~> 3.3.0)
    rspec-support (3.3.0)
    ruby-progressbar (1.7.5)
    sexp_processor (4.6.0)
    slim (3.0.6)
      temple (~> 0.7.3)
      tilt (>= 1.3.3, < 2.1)
    slim-rails (3.0.1)
      actionmailer (>= 3.1, < 5.0)
      actionpack (>= 3.1, < 5.0)
      activesupport (>= 3.1, < 5.0)
      railties (>= 3.1, < 5.0)
      slim (~> 3.0)
    slop (3.6.0)
    spring (1.3.6)
    sprockets (3.2.0)
      rack (~> 1.0)
    sprockets-rails (2.3.2)
      actionpack (>= 3.0)
      activesupport (>= 3.0)
      sprockets (>= 2.8, < 4.0)
    tapp (1.5.0)
      thor
    temple (0.7.6)
    therubyracer (0.12.2)
      libv8 (~> 3.16.14.0)
      ref
    thor (0.19.1)
    thread_safe (0.3.5)
    tilt (2.0.1)
    tzinfo (1.2.2)
      thread_safe (~> 0.1)
    unicode-display_width (0.1.1)
    uniform_notifier (1.9.0)

PLATFORMS
  ruby

DEPENDENCIES
  awesome_print
  better_errors
  binding_of_caller
  bullet
  coffee-rails
  database_cleaner
  factory_girl_rails
  hirb
  hirb-unicode
  jbuilder
  jquery-rails
  less-rails
  mysql2
  pry-byebug
  pry-rails
  rails
  rails_best_practices
  rspec
  rspec-rails
  slim-rails
  spring
  tapp
  therubyracer

BUNDLED WITH
   1.10.5
